GIT
  remote: git://github.com/apohllo/hadoop-csv.git
  revision: ada6c6f390d20b4d4130bc2703284ff126a1fa5d
  specs:
    hadoop-csv (0.0.3)

GIT
  remote: git://github.com/apohllo/rod.git
  revision: 9cfd00de4829b6ea86d7243c95bd62433f66453b
  tag: v0.7.2.6rc1
  specs:
    rod (0.7.2.5)
      RubyInline (>= 3.10.0, < 4.0.0)
      activemodel (~> 3.2.2)
      bsearch (>= 1.5.0, < 1.6.0)
      english (>= 0.5.0, < 0.6.0)
      ref (>= 1.0.5, < 2.0.0)

GIT
  remote: git://github.com/djstrong/progress.git
  revision: 46b34854f62c5f96a116cd971cd6d6226796e35c
  specs:
    progress (3.0.0)

PATH
  remote: .
  specs:
    rlp-wiki (0.0.1)
      ZenTest
      cycr (~> 0.2.0)
      rod (~> 0.7.2.4)
      syntax

PATH
  remote: file://../../category-parsing/
  specs:
    syntax (0.0.1)
      rubytree

GEM
  remote: http://rubygems.org/
  specs:
    RubyInline (3.12.4)
      ZenTest (~> 4.3)
    ZenTest (4.11.0)
    activemodel (3.2.21)
      activesupport (= 3.2.21)
      builder (~> 3.0.0)
    activesupport (3.2.21)
      i18n (~> 0.6, >= 0.6.4)
      multi_json (~> 1.0)
    bsearch (1.5.0)
    builder (3.0.4)
    colors (0.0.7)
    cycr (0.2.6)
      ref (~> 1.0.0)
    daemons (1.2.2)
    english (0.5.0)
    eventmachine (1.0.7)
    faraday (0.9.1)
      multipart-post (>= 1.2, < 3)
    htmlentities (4.3.3)
    i18n (0.7.0)
    json (1.8.2)
    link_header (0.0.8)
    multi_json (1.11.0)
    multipart-post (2.0.0)
    net-http-persistent (2.9.4)
    rack (1.6.0)
    rack-protection (1.5.3)
      rack
    rake (10.4.2)
    rdf (1.1.11)
      link_header (~> 0.0, >= 0.0.8)
    ref (1.0.5)
    rod-rest (0.5.2)
      faraday
      rod
      sinatra
    rubytree (0.9.4)
      json (~> 1.8)
      structured_warnings (~> 0.1)
    sinatra (1.4.6)
      rack (~> 1.4)
      rack-protection (~> 1.4)
      tilt (>= 1.3, < 3)
    slop (3.4.7)
    sparql-client (1.1.4)
      net-http-persistent (~> 2.9)
      rdf (~> 1.1)
    srx-english (0.1.2)
      term-ansicolor (~> 1.0.5)
    structured_warnings (0.2.0)
    term-ansicolor (1.0.7)
    thin (1.6.3)
      daemons (~> 1.0, >= 1.0.9)
      eventmachine (~> 1.0)
      rack (~> 1.0)
    tilt (2.0.1)

PLATFORMS
  ruby

DEPENDENCIES
  ZenTest
  colors
  cycr (~> 0.2.0)
  hadoop-csv!
  htmlentities
  progress!
  rake
  rlp-wiki!
  rod!
  rod-rest
  slop (~> 3.4.7)
  sparql-client
  srx-english (~> 0.1.2)
  syntax!
  thin
