GIT
  remote: git://github.com/apohllo/rod.git
  revision: 9cfd00de4829b6ea86d7243c95bd62433f66453b
  tag: v0.7.2.6rc1
  specs:
    rod (0.7.2.5)
      RubyInline (>= 3.10.0, < 4.0.0)
      activemodel (~> 3.2.2)
      bsearch (>= 1.5.0, < 1.6.0)
      english (>= 0.5.0, < 0.6.0)
      ref (>= 1.0.5, < 2.0.0)

GIT
  remote: git://github.com/djstrong/progress.git
  revision: 46b34854f62c5f96a116cd971cd6d6226796e35c
  specs:
    progress (3.0.0)

PATH
  remote: ../category-mapping/
  specs:
    cyc-mapping (0.1.0)
      colors
      cycr
      htmlentities
      net-http-persistent
      progress
      rdf
      rod (>= 0.7.2.4, < 0.7.3.0)
      rod-rest
      slop

PATH
  remote: ../rlp
  specs:
    rlp-wiki (0.0.1)
      ZenTest
      cycr (~> 0.2.0)
      rod (~> 0.7.2.4)
      syntax

PATH
  remote: file://../../category-parsing/
  specs:
    syntax (0.0.1)
      rubytree

GEM
  remote: http://rubygems.org/
  specs:
    RubyInline (3.12.3)
      ZenTest (~> 4.3)
    ZenTest (4.9.5)
    activemodel (3.2.21)
      activesupport (= 3.2.21)
      builder (~> 3.0.0)
    activesupport (3.2.21)
      i18n (~> 0.6, >= 0.6.4)
      multi_json (~> 1.0)
    bsearch (1.5.0)
    builder (3.0.4)
    colors (0.0.7)
    concurrent-ruby (0.8.0)
      ref (~> 1.0, >= 1.0.5)
    concurrent-ruby-ext (0.8.0)
      concurrent-ruby (~> 0.8.0)
    cycr (0.2.6)
      ref (~> 1.0.0)
    diff-lcs (1.2.4)
    english (0.5.0)
    ethon (0.7.3)
      ffi (>= 1.3.0)
    faraday (0.9.0)
      multipart-post (>= 1.2, < 3)
    ffi (1.9.6)
    htmlentities (4.3.1)
    i18n (0.7.0)
    iconv (1.0.4)
    json (1.8.1)
    multi_json (1.10.1)
    multipart-post (2.0.0)
    net-http-persistent (2.9.4)
    rack (1.5.2)
    rack-protection (1.5.2)
      rack
    rdf (1.1.2.1)
    ref (1.0.5)
    rod-rest (0.5.2)
      faraday
      rod
      sinatra
    rr (1.1.2)
    rspec (2.14.1)
      rspec-core (~> 2.14.0)
      rspec-expectations (~> 2.14.0)
      rspec-mocks (~> 2.14.0)
    rspec-core (2.14.5)
    rspec-expectations (2.14.2)
      diff-lcs (>= 1.1.3, < 2.0)
    rspec-mocks (2.14.3)
    rubytree (0.8.3)
      json (>= 1.7.5)
      structured_warnings (>= 0.1.3)
    sinatra (1.4.4)
      rack (~> 1.4)
      rack-protection (~> 1.4)
      tilt (~> 1.3, >= 1.3.4)
    slop (3.4.7)
    structured_warnings (0.1.4)
    tilt (1.4.1)
    typhoeus (0.7.1)
      ethon (>= 0.7.1)

PLATFORMS
  ruby

DEPENDENCIES
  colors
  concurrent-ruby-ext
  cyc-mapping!
  cycr
  htmlentities
  iconv
  net-http-persistent
  progress!
  rdf
  rlp-wiki!
  rod!
  rod-rest
  rr (~> 1.1.2)
  rspec
  slop
  syntax!
  typhoeus
