GIT
  remote: git://github.com/apohllo/rod.git
  revision: 35949856fa6e54980b59c9d1317f99fb2cee71c9
  tag: v0.7.2.4
  specs:
    rod (0.7.2.4)
      RubyInline (>= 3.10.0, < 4.0.0)
      activemodel (~> 3.2.2)
      bsearch (>= 1.5.0, < 1.6.0)
      english (>= 0.5.0, < 0.6.0)

GIT
  remote: git://github.com/djstrong/progress.git
  revision: 46b34854f62c5f96a116cd971cd6d6226796e35c
  specs:
    progress (3.0.0)

PATH
  remote: ../rlp
  specs:
    rlp-wiki (0.0.1)
      ZenTest
      cycr (~> 0.2.0)
      rod (~> 0.7.2.4)
      syntax

PATH
  remote: file://../../category-parsing/
  specs:
    syntax (0.0.1)
      rubytree

GEM
  remote: http://rubygems.org/
  specs:
    RubyInline (3.12.2)
      ZenTest (~> 4.3)
    ZenTest (4.9.5)
    activemodel (3.2.17)
      activesupport (= 3.2.17)
      builder (~> 3.0.0)
    activesupport (3.2.17)
      i18n (~> 0.6, >= 0.6.4)
      multi_json (~> 1.0)
    bsearch (1.5.0)
    builder (3.0.4)
    clbustos-rtf (0.4.2)
    colors (0.0.7)
    cycr (0.2.6)
      ref (~> 1.0.0)
    diff-lcs (1.2.4)
    dirty-memoize (0.0.4)
    distribution (0.7.0)
    english (0.5.0)
    extendmatrix (0.3.1)
    faraday (0.9.0)
      multipart-post (>= 1.2, < 3)
    fastercsv (1.5.5)
    htmlentities (4.3.1)
    i18n (0.6.9)
    iconv (1.0.4)
    json (1.8.1)
    minimization (0.2.1)
      text-table (~> 1.2)
    multi_json (1.9.0)
    multipart-post (2.0.0)
    net-http-persistent (2.9.4)
    nokogiri (1.4.4)
    prawn (0.8.4)
      prawn-core (>= 0.8.4, < 0.9)
      prawn-core (>= 0.8.4, < 0.9)
      prawn-layout (>= 0.8.4, < 0.9)
      prawn-layout (>= 0.8.4, < 0.9)
      prawn-security (>= 0.8.4, < 0.9)
      prawn-security (>= 0.8.4, < 0.9)
    prawn-core (0.8.4)
    prawn-layout (0.8.4)
    prawn-security (0.8.4)
    prawn-svg (0.9.1.11)
      prawn (>= 0.8.4)
    rack (1.5.2)
    rack-protection (1.5.2)
      rack
    ref (1.0.5)
    reportbuilder (1.4.2)
      clbustos-rtf (~> 0.4.0)
      prawn (~> 0.8.4)
      prawn-svg (~> 0.9.1)
      text-table (~> 1.2)
    rod-rest (0.5.2)
      faraday
      rod
      sinatra
    rr (1.1.2)
    rserve-client (0.2.5)
    rspec (2.14.1)
      rspec-core (~> 2.14.0)
      rspec-expectations (~> 2.14.0)
      rspec-mocks (~> 2.14.0)
    rspec-core (2.14.5)
    rspec-expectations (2.14.2)
      diff-lcs (>= 1.1.3, < 2.0)
    rspec-mocks (2.14.3)
    ruby-ole (1.2.11.7)
    rubytree (0.8.3)
      json (>= 1.7.5)
      structured_warnings (>= 0.1.3)
    rubyvis (0.6.0)
    sinatra (1.4.4)
      rack (~> 1.4)
      rack-protection (~> 1.4)
      tilt (~> 1.3, >= 1.3.4)
    slop (3.4.7)
    spreadsheet (0.6.9)
      ruby-ole (>= 1.0)
    statsample (1.3.0)
      dirty-memoize (~> 0.0)
      distribution (~> 0.6)
      extendmatrix (~> 0.3.1)
      fastercsv (> 0)
      minimization (~> 0.2.0)
      reportbuilder (~> 1.4)
      rserve-client (~> 0.2.5)
      rubyvis (~> 0.5)
      spreadsheet (~> 0.6.5)
      statsample-bivariate-extension (> 0)
    statsample-bivariate-extension (1.1.0)
      distribution (~> 0.6)
    structured_warnings (0.1.4)
    text-table (1.2.3)
    tilt (1.4.1)

PLATFORMS
  ruby

DEPENDENCIES
  colors
  cycr
  htmlentities
  iconv
  net-http-persistent
  nokogiri
  progress!
  rlp-wiki!
  rod!
  rod-rest
  rr (~> 1.1.2)
  rspec
  slop
  statsample
  syntax!
