GIT
  remote: git://github.com/apohllo/rod.git
  revision: 35949856fa6e54980b59c9d1317f99fb2cee71c9
  tag: v0.7.2.4
  specs:
    rod (0.7.2.4)
      RubyInline (>= 3.10.0, < 4.0.0)
      activemodel (~> 3.2.2)
      bsearch (>= 1.5.0, < 1.6.0)
      english (>= 0.5.0, < 0.6.0)

GIT
  remote: git://github.com/djstrong/progress.git
  revision: 46b34854f62c5f96a116cd971cd6d6226796e35c
  specs:
    progress (3.0.0)

PATH
  remote: ../category-parsing/
  specs:
    syntax (0.0.1)
      rubytree

PATH
  remote: ../rlp
  specs:
    rlp-wiki (0.0.1)
      ZenTest
      cycr (~> 0.2.0)
      rod (~> 0.7.2.4)
      syntax

GEM
  remote: http://rubygems.org/
  specs:
    RubyInline (3.12.4)
      ZenTest (~> 4.3)
    ZenTest (4.11.0)
    activemodel (3.2.21)
      activesupport (= 3.2.21)
      builder (~> 3.0.0)
    activesupport (3.2.21)
      i18n (~> 0.6, >= 0.6.4)
      multi_json (~> 1.0)
    awesome_print (1.6.1)
    bsearch (1.5.0)
    builder (3.0.4)
    clbustos-rtf (0.4.2)
    colors (0.0.7)
    concurrent-ruby (0.8.0)
      ref (~> 1.0, >= 1.0.5)
    cycr (0.2.6)
      ref (~> 1.0.0)
    diff-lcs (1.2.5)
    dirty-memoize (0.0.4)
    distribution (0.7.2)
    english (0.5.0)
    extendmatrix (0.3.1)
    faraday (0.9.1)
      multipart-post (>= 1.2, < 3)
    htmlentities (4.3.3)
    i18n (0.7.0)
    iconv (1.0.4)
    json (1.8.2)
    mini_portile (0.6.2)
    minimization (0.2.2)
      rb-gsl (~> 1.2)
      text-table (~> 1.2)
    multi_json (1.11.0)
    multipart-post (2.0.0)
    narray (0.6.1.1)
    net-http-persistent (2.9.4)
    nokogiri (1.6.6.2)
      mini_portile (~> 0.6.0)
    prawn (0.8.4)
      prawn-core (>= 0.8.4, < 0.9)
      prawn-layout (>= 0.8.4, < 0.9)
      prawn-security (>= 0.8.4, < 0.9)
    prawn-core (0.8.4)
    prawn-layout (0.8.4)
    prawn-security (0.8.4)
    prawn-svg (0.9.1.11)
      prawn (>= 0.8.4)
    rack (1.6.0)
    rack-protection (1.5.3)
      rack
    rb-gsl (1.16.0.4)
      narray (>= 0.5.9)
    ref (1.0.5)
    reportbuilder (1.4.2)
      clbustos-rtf (~> 0.4.0)
      prawn (~> 0.8.4)
      prawn-svg (~> 0.9.1)
      text-table (~> 1.2)
    rod-rest (0.5.2)
      faraday
      rod
      sinatra
    rr (1.1.2)
    rserve-client (0.3.1)
    rspec (3.2.0)
      rspec-core (~> 3.2.0)
      rspec-expectations (~> 3.2.0)
      rspec-mocks (~> 3.2.0)
    rspec-core (3.2.3)
      rspec-support (~> 3.2.0)
    rspec-expectations (3.2.1)
      diff-lcs (>= 1.2.0, < 2.0)
      rspec-support (~> 3.2.0)
    rspec-mocks (3.2.1)
      diff-lcs (>= 1.2.0, < 2.0)
      rspec-support (~> 3.2.0)
    rspec-support (3.2.2)
    ruby-ole (1.2.11.8)
    rubytree (0.9.4)
      json (~> 1.8)
      structured_warnings (~> 0.1)
    rubyvis (0.5.2)
    sinatra (1.4.6)
      rack (~> 1.4)
      rack-protection (~> 1.4)
      tilt (>= 1.3, < 3)
    slop (3.6.0)
    spreadsheet (0.6.9)
      ruby-ole (>= 1.0)
    statsample (1.4.2)
      awesome_print
      dirty-memoize
      distribution
      extendmatrix
      minimization
      rb-gsl
      reportbuilder (~> 1.4)
      rserve-client
      rubyvis (~> 0.5.0)
      spreadsheet (~> 0.6.5)
    structured_warnings (0.2.0)
    text-table (1.2.4)
    tilt (2.0.1)

PLATFORMS
  ruby

DEPENDENCIES
  colors
  concurrent-ruby
  cycr
  htmlentities
  iconv
  net-http-persistent
  nokogiri
  progress!
  rlp-wiki!
  rod!
  rod-rest
  rr
  rspec
  slop (~> 3.6.0)
  statsample
  syntax!
