GIT
  remote: git://github.com/apohllo/rod.git
  revision: 35949856fa6e54980b59c9d1317f99fb2cee71c9
  tag: v0.7.2.4
  specs:
    rod (0.7.2.4)
      RubyInline (>= 3.10.0, < 4.0.0)
      activemodel (~> 3.2.2)
      bsearch (>= 1.5.0, < 1.6.0)
      english (>= 0.5.0, < 0.6.0)

GIT
  remote: git://github.com/djstrong/progress.git
  revision: 46b34854f62c5f96a116cd971cd6d6226796e35c
  specs:
    progress (3.0.0)

PATH
  remote: ../category-parsing/
  specs:
    syntax (0.0.1)
      rubytree

PATH
  remote: ../rlp
  specs:
    rlp-wiki (0.0.1)
      ZenTest
      cycr (~> 0.2.0)
      rod (~> 0.7.2.4)
      syntax

GEM
  remote: http://rubygems.org/
  specs:
    RubyInline (3.12.3)
      ZenTest (~> 4.3)
    ZenTest (4.10.0)
    activemodel (3.2.18)
      activesupport (= 3.2.18)
      builder (~> 3.0.0)
    activesupport (3.2.18)
      i18n (~> 0.6, >= 0.6.4)
      multi_json (~> 1.0)
    bsearch (1.5.0)
    builder (3.0.4)
    bzip2-ruby (0.2.7)
    colors (0.0.7)
    cycr (0.2.6)
      ref (~> 1.0.0)
    diff-lcs (1.2.5)
    english (0.5.0)
    faraday (0.9.0)
      multipart-post (>= 1.2, < 3)
    htmlentities (4.3.1)
    i18n (0.6.9)
    json (1.8.1)
    multi_json (1.10.0)
    multipart-post (2.0.0)
    net-http-persistent (2.9.4)
    rack (1.5.2)
    rack-protection (1.5.3)
      rack
    ref (1.0.5)
    rod-rest (0.5.2)
      faraday
      rod
      sinatra
    rr (1.1.2)
    rspec (2.14.1)
      rspec-core (~> 2.14.0)
      rspec-expectations (~> 2.14.0)
      rspec-mocks (~> 2.14.0)
    rspec-core (2.14.8)
    rspec-expectations (2.14.5)
      diff-lcs (>= 1.1.3, < 2.0)
    rspec-mocks (2.14.6)
    rubytree (0.9.3)
      json (~> 1.8)
      structured_warnings (~> 0.1)
    sinatra (1.4.5)
      rack (~> 1.4)
      rack-protection (~> 1.4)
      tilt (~> 1.3, >= 1.3.4)
    slop (3.5.0)
    structured_warnings (0.1.4)
    tilt (1.4.1)

PLATFORMS
  ruby

DEPENDENCIES
  bzip2-ruby
  colors
  cycr
  htmlentities
  net-http-persistent
  progress!
  rlp-wiki!
  rod!
  rod-rest
  rr (~> 1.1.2)
  rspec
  slop
  syntax!
